GIT
  remote: https://github.com/kschiess/parslet
  revision: f61daf0ef11a7b6ff795043ec8f64a6803e5162b
  specs:
    parslet (2.0.0)

GEM
  remote: https://rubygems.org/
  specs:
    Ascii85 (1.1.0)
    actioncable (7.0.4)
      actionpack (= 7.0.4)
      activesupport (= 7.0.4)
      nio4r (~> 2.0)
      websocket-driver (>= 0.6.1)
    actionmailbox (7.0.4)
      actionpack (= 7.0.4)
      activejob (= 7.0.4)
      activerecord (= 7.0.4)
      activestorage (= 7.0.4)
      activesupport (= 7.0.4)
      mail (>= 2.7.1)
      net-imap
      net-pop
      net-smtp
    actionmailer (7.0.4)
      actionpack (= 7.0.4)
      actionview (= 7.0.4)
      activejob (= 7.0.4)
      activesupport (= 7.0.4)
      mail (~> 2.5, >= 2.5.4)
      net-imap
      net-pop
      net-smtp
      rails-dom-testing (~> 2.0)
    actionpack (7.0.4)
      actionview (= 7.0.4)
      activesupport (= 7.0.4)
      rack (~> 2.0, >= 2.2.0)
      rack-test (>= 0.6.3)
      rails-dom-testing (~> 2.0)
      rails-html-sanitizer (~> 1.0, >= 1.2.0)
    actiontext (7.0.4)
      actionpack (= 7.0.4)
      activerecord (= 7.0.4)
      activestorage (= 7.0.4)
      activesupport (= 7.0.4)
      globalid (>= 0.6.0)
      nokogiri (>= 1.8.5)
    actionview (7.0.4)
      activesupport (= 7.0.4)
      builder (~> 3.1)
      erubi (~> 1.4)
      rails-dom-testing (~> 2.0)
      rails-html-sanitizer (~> 1.1, >= 1.2.0)
    active_median (0.4.0)
      activesupport (>= 6.1)
    activejob (7.0.4)
      activesupport (= 7.0.4)
      globalid (>= 0.3.6)
    activemodel (7.0.4)
      activesupport (= 7.0.4)
    activerecord (7.0.4)
      activemodel (= 7.0.4)
      activesupport (= 7.0.4)
    activerecord-import (1.5.0)
      activerecord (>= 4.2)
    activestorage (7.0.4)
      actionpack (= 7.0.4)
      activejob (= 7.0.4)
      activerecord (= 7.0.4)
      activesupport (= 7.0.4)
      marcel (~> 1.0)
      mini_mime (>= 1.1.0)
    activesupport (7.0.4)
      concurrent-ruby (~> 1.0, >= 1.0.2)
      i18n (>= 1.6, < 2)
      minitest (>= 5.1)
      tzinfo (~> 2.0)
    addressable (2.8.1)
      public_suffix (>= 2.0.2, < 6.0)
    afm (0.2.2)
    amatch (0.4.1)
      mize
      tins (~> 1.0)
    annotate (3.2.0)
      activerecord (>= 3.2, < 8.0)
      rake (>= 10.4, < 14.0)
    ast (2.4.2)
    autoprefixer-rails (10.4.7.0)
      execjs (~> 2)
    awesome_print (1.9.2)
    backport (1.2.0)
    bcrypt (3.1.20)
    benchmark (0.3.0)
    bindex (0.8.1)
    bootsnap (1.13.0)
      msgpack (~> 1.2)
    bootstrap (5.2.3)
      autoprefixer-rails (>= 9.1.0)
      popper_js (>= 2.11.6, < 3)
      sassc-rails (>= 2.0.0)
    builder (3.2.4)
    cancancan (3.5.0)
    capybara (3.37.1)
      addressable
      matrix
      mini_mime (>= 0.1.3)
      nokogiri (~> 1.8)
      rack (>= 1.6.0)
      rack-test (>= 0.6.3)
      regexp_parser (>= 1.5, < 3.0)
      xpath (~> 3.2)
    chartkick (4.2.1)
    childprocess (4.1.0)
    choice (0.2.0)
    concurrent-ruby (1.2.3)
    connection_pool (2.4.1)
    crass (1.0.6)
    csv (3.2.5)
    debug (1.6.2)
      irb (>= 1.3.6)
      reline (>= 0.3.1)
    diff-lcs (1.5.1)
    digest (3.1.0)
    domain_name (0.5.20190701)
      unf (>= 0.0.5, < 1.0.0)
    dotenv (2.8.1)
    dotenv-rails (2.8.1)
      dotenv (= 2.8.1)
      railties (>= 3.2)
    e2mmap (0.1.0)
    erb-formatter (0.4.2)
      syntax_tree (~> 5.0)
    erubi (1.12.0)
    execjs (2.8.1)
    ffi (1.15.5)
    ffi-compiler (1.0.1)
      ffi (>= 1.0.0)
      rake
    globalid (1.0.0)
      activesupport (>= 5.0)
    graphql (2.0.16)
    hashery (2.1.2)
    http (5.1.1)
      addressable (~> 2.8)
      http-cookie (~> 1.0)
      http-form_data (~> 2.2)
      llhttp-ffi (~> 0.4.0)
    http-cookie (1.0.5)
      domain_name (~> 0.5)
    http-form_data (2.3.0)
    i18n (1.14.1)
      concurrent-ruby (~> 1.0)
    importmap-rails (1.1.5)
      actionpack (>= 6.0.0)
      railties (>= 6.0.0)
    io-console (0.5.11)
    irb (1.4.1)
      reline (>= 0.3.0)
    jaro_winkler (1.5.6)
    jbuilder (2.11.5)
      actionview (>= 5.0.0)
      activesupport (>= 5.0.0)
    json (2.7.1)
    kramdown (2.4.0)
      rexml
    kramdown-parser-gfm (1.1.0)
      kramdown (~> 2.0)
    language_server-protocol (3.17.0.2)
    lbfgsb (0.5.2)
      numo-narray (>= 0.9.1)
    lint_roller (1.1.0)
    llhttp-ffi (0.4.0)
      ffi-compiler (~> 1.0)
      rake (~> 13.0)
    loofah (2.22.0)
      crass (~> 1.0.2)
      nokogiri (>= 1.12.0)
    mail (2.7.1)
      mini_mime (>= 0.1.1)
    marcel (1.0.2)
    matrix (0.4.2)
    message_bus (4.3.8)
      rack (>= 1.1.3)
    method_source (1.0.0)
    mina (1.2.5)
      rake
    mini_mime (1.1.2)
    minitest (5.22.2)
    mize (0.4.1)
      protocol (~> 2.0)
    mmh3 (1.2.0)
    msgpack (1.5.6)
    net-imap (0.2.3)
      digest
      net-protocol
      strscan
    net-pop (0.1.1)
      digest
      net-protocol
      timeout
    net-protocol (0.1.3)
      timeout
    net-smtp (0.3.1)
      digest
      net-protocol
      timeout
    nio4r (2.5.8)
    nokogiri (1.16.3-x86_64-darwin)
      racc (~> 1.4)
    nokogiri (1.16.3-x86_64-linux)
      racc (~> 1.4)
    numo-narray (0.9.2.1)
    package_json (0.1.0)
    pagy (6.0.1)
    parallel (1.24.0)
    parser (3.3.0.5)
      ast (~> 2.4.1)
      racc
    pdf-reader (2.11.0)
      Ascii85 (~> 1.0)
      afm (~> 0.2.1)
      hashery (~> 2.0)
      ruby-rc4
      ttfunk
    pg (1.5.4)
    pkg-config (1.5.1)
    popper_js (2.11.6)
    prettier_print (1.2.0)
    protocol (2.0.0)
      ruby_parser (~> 3.0)
    public_suffix (5.0.0)
    puma (5.6.5)
      nio4r (~> 2.0)
    racc (1.7.3)
    rack (2.2.8.1)
    rack-proxy (0.7.7)
      rack
    rack-test (2.1.0)
      rack (>= 1.3)
    rails (7.0.4)
      actioncable (= 7.0.4)
      actionmailbox (= 7.0.4)
      actionmailer (= 7.0.4)
      actionpack (= 7.0.4)
      actiontext (= 7.0.4)
      actionview (= 7.0.4)
      activejob (= 7.0.4)
      activemodel (= 7.0.4)
      activerecord (= 7.0.4)
      activestorage (= 7.0.4)
      activesupport (= 7.0.4)
      bundler (>= 1.15.0)
      railties (= 7.0.4)
    rails-dom-testing (2.2.0)
      activesupport (>= 5.0.0)
      minitest
      nokogiri (>= 1.6)
    rails-erd (1.7.2)
      activerecord (>= 4.2)
      activesupport (>= 4.2)
      choice (~> 0.2.0)
      ruby-graphviz (~> 1.2)
    rails-html-sanitizer (1.6.0)
      loofah (~> 2.21)
      nokogiri (~> 1.14)
    railties (7.0.4)
      actionpack (= 7.0.4)
      activesupport (= 7.0.4)
      method_source
      rake (>= 12.2)
      thor (~> 1.0)
      zeitwerk (~> 2.5)
    rainbow (3.1.1)
    rake (13.1.0)
    rbs (2.8.4)
    react_on_rails (13.4.0)
      addressable
      connection_pool
      execjs (~> 2.5)
      rails (>= 5.2)
      rainbow (~> 3.0)
    redis (4.8.0)
    regexp_parser (2.9.0)
    reline (0.3.1)
      io-console (~> 0.5)
    reverse_markdown (2.1.1)
      nokogiri
    rexml (3.2.6)
    rtesseract (3.1.2)
    rubocop (1.62.1)
      json (~> 2.3)
      language_server-protocol (>= 3.17.0)
      parallel (~> 1.10)
      parser (>= 3.3.0.2)
      rainbow (>= 2.2.2, < 4.0)
      regexp_parser (>= 1.8, < 3.0)
      rexml (>= 3.2.5, < 4.0)
      rubocop-ast (>= 1.31.1, < 2.0)
      ruby-progressbar (~> 1.7)
      unicode-display_width (>= 2.4.0, < 3.0)
    rubocop-ast (1.31.2)
      parser (>= 3.3.0.4)
    rubocop-performance (1.21.0)
      rubocop (>= 1.48.1, < 2.0)
      rubocop-ast (>= 1.31.1, < 2.0)
    rubocop-rails (2.12.4)
      activesupport (>= 4.2.0)
      rack (>= 1.1)
      rubocop (>= 1.7.0, < 2.0)
    ruby-graphviz (1.2.5)
      rexml
    ruby-lsp (0.3.8)
      language_server-protocol (~> 3.17.0)
      sorbet-runtime
      syntax_tree (>= 5.0.0, < 6)
    ruby-progressbar (1.13.0)
    ruby-rc4 (0.1.5)
    ruby-vips (2.1.4)
      ffi (~> 1.12)
    ruby_parser (3.19.2)
      sexp_processor (~> 4.16)
    rubyzip (2.3.2)
    rumale (0.29.0)
      numo-narray (>= 0.9.1)
      rumale-clustering (~> 0.29.0)
      rumale-core (~> 0.29.0)
      rumale-decomposition (~> 0.29.0)
      rumale-ensemble (~> 0.29.0)
      rumale-evaluation_measure (~> 0.29.0)
      rumale-feature_extraction (~> 0.29.0)
      rumale-kernel_approximation (~> 0.29.0)
      rumale-kernel_machine (~> 0.29.0)
      rumale-linear_model (~> 0.29.0)
      rumale-manifold (~> 0.29.0)
      rumale-metric_learning (~> 0.29.0)
      rumale-model_selection (~> 0.29.0)
      rumale-naive_bayes (~> 0.29.0)
      rumale-nearest_neighbors (~> 0.29.0)
      rumale-neural_network (~> 0.29.0)
      rumale-pipeline (~> 0.29.0)
      rumale-preprocessing (~> 0.29.0)
      rumale-tree (~> 0.29.0)
    rumale-clustering (0.29.0)
      numo-narray (>= 0.9.1)
      rumale-core (~> 0.29.0)
    rumale-core (0.29.0)
      numo-narray (>= 0.9.1)
    rumale-decomposition (0.29.0)
      numo-narray (>= 0.9.1)
      rumale-core (~> 0.29.0)
    rumale-ensemble (0.29.0)
      numo-narray (>= 0.9.1)
      rumale-core (~> 0.29.0)
      rumale-linear_model (~> 0.29.0)
      rumale-model_selection (~> 0.29.0)
      rumale-preprocessing (~> 0.29.0)
      rumale-tree (~> 0.29.0)
    rumale-evaluation_measure (0.29.0)
      numo-narray (>= 0.9.1)
      rumale-core (~> 0.29.0)
    rumale-feature_extraction (0.29.0)
      mmh3 (~> 1.0)
      numo-narray (>= 0.9.1)
      rumale-core (~> 0.29.0)
    rumale-kernel_approximation (0.29.0)
      numo-narray (>= 0.9.1)
      rumale-core (~> 0.29.0)
    rumale-kernel_machine (0.29.0)
      numo-narray (>= 0.9.1)
      rumale-core (~> 0.29.0)
    rumale-linear_model (0.29.0)
      lbfgsb (>= 0.3.0)
      numo-narray (>= 0.9.1)
      rumale-core (~> 0.29.0)
    rumale-manifold (0.29.0)
      numo-narray (>= 0.9.1)
      rumale-core (~> 0.29.0)
      rumale-decomposition (~> 0.29.0)
    rumale-metric_learning (0.29.0)
      lbfgsb (>= 0.3.0)
      numo-narray (>= 0.9.1)
      rumale-core (~> 0.29.0)
      rumale-decomposition (~> 0.29.0)
    rumale-model_selection (0.29.0)
      numo-narray (>= 0.9.1)
      rumale-core (~> 0.29.0)
      rumale-evaluation_measure (~> 0.29.0)
      rumale-preprocessing (~> 0.29.0)
    rumale-naive_bayes (0.29.0)
      numo-narray (>= 0.9.1)
      rumale-core (~> 0.29.0)
    rumale-nearest_neighbors (0.29.0)
      numo-narray (>= 0.9.1)
      rumale-core (~> 0.29.0)
    rumale-neural_network (0.29.0)
      numo-narray (>= 0.9.1)
      rumale-core (~> 0.29.0)
    rumale-pipeline (0.29.0)
      numo-narray (>= 0.9.1)
      rumale-core (~> 0.29.0)
    rumale-preprocessing (0.29.0)
      numo-narray (>= 0.9.1)
      rumale-core (~> 0.29.0)
    rumale-tree (0.29.0)
      numo-narray (>= 0.9.1)
      rumale-core (~> 0.29.0)
    rwordnet (2.0.0)
    sassc (2.4.0)
      ffi (~> 1.9)
    sassc-rails (2.1.2)
      railties (>= 4.0.0)
      sassc (>= 2.0)
      sprockets (> 3.0)
      sprockets-rails
      tilt
    selenium-webdriver (4.4.0)
      childprocess (>= 0.5, < 5.0)
      rexml (~> 3.2, >= 3.2.5)
      rubyzip (>= 1.2.2, < 3.0)
      websocket (~> 1.0)
    semantic_range (3.0.0)
    sexp_processor (4.16.1)
    shakapacker (7.2.2)
      activesupport (>= 5.2)
      package_json
      rack-proxy (>= 0.6.1)
      railties (>= 5.2)
      semantic_range (>= 2.3.0)
    sidekiq (6.5.7)
      connection_pool (>= 2.2.5)
      rack (~> 2.0)
      redis (>= 4.5.0, < 5)
    simple_form (5.1.0)
      actionpack (>= 5.2)
      activemodel (>= 5.2)
    solargraph (0.50.0)
      backport (~> 1.2)
      benchmark
      bundler (~> 2.0)
      diff-lcs (~> 1.4)
      e2mmap
      jaro_winkler (~> 1.5)
      kramdown (~> 2.3)
      kramdown-parser-gfm (~> 1.1)
      parser (~> 3.0)
      rbs (~> 2.0)
      reverse_markdown (~> 2.0)
      rubocop (~> 1.38)
      thor (~> 1.0)
      tilt (~> 2.0)
      yard (~> 0.9, >= 0.9.24)
    sorbet-runtime (0.5.10634)
    sprockets (4.1.1)
      concurrent-ruby (~> 1.0)
      rack (> 1, < 3)
    sprockets-rails (3.4.2)
      actionpack (>= 5.2)
      activesupport (>= 5.2)
      sprockets (>= 3.0.0)
    standard (1.35.1)
      language_server-protocol (~> 3.17.0.2)
      lint_roller (~> 1.0)
      rubocop (~> 1.62.0)
      standard-custom (~> 1.0.0)
      standard-performance (~> 1.3)
    standard-custom (1.0.2)
      lint_roller (~> 1.0)
      rubocop (~> 1.50)
    standard-performance (1.4.0)
      lint_roller (~> 1.1)
      rubocop-performance (~> 1.21.0)
    stemmify (0.0.2)
    strscan (3.0.4)
    sync (0.5.0)
    syntax_tree (5.3.0)
      prettier_print (>= 1.2.0)
    thor (1.3.1)
    tilt (2.3.0)
    timeout (0.3.0)
    tins (1.32.1)
      sync
    ttfunk (1.7.0)
    turbo-rails (1.3.0)
      actionpack (>= 6.0.0)
      activejob (>= 6.0.0)
      railties (>= 6.0.0)
    tzinfo (2.0.6)
      concurrent-ruby (~> 1.0)
    unf (0.1.4)
      unf_ext
    unf_ext (0.0.8.2)
    unicode-display_width (2.5.0)
    victor (0.3.4)
    view_component (2.82.0)
      activesupport (>= 5.2.0, < 8.0)
      concurrent-ruby (~> 1.0)
      method_source (~> 1.0)
    web-console (4.2.0)
      actionview (>= 6.0.0)
      activemodel (>= 6.0.0)
      bindex (>= 0.4.0)
      railties (>= 6.0.0)
    webdrivers (5.1.0)
      nokogiri (~> 1.6)
      rubyzip (>= 1.3.0)
      selenium-webdriver (~> 4.0)
    websocket (1.2.9)
    websocket-driver (0.7.5)
      websocket-extensions (>= 0.1.0)
    websocket-extensions (0.1.5)
    wicked (2.0.0)
      railties (>= 3.0.7)
    xlsxtream (2.4.0)
      zip_tricks (>= 4.5, < 6)
    xpath (3.2.0)
      nokogiri (~> 1.8)
    yard (0.9.36)
    zeitwerk (2.6.13)
    zip_tricks (5.6.0)

PLATFORMS
  x86_64-darwin-21
  x86_64-linux

DEPENDENCIES
  active_median
  activerecord-import
  amatch (~> 0.4.1)
  annotate
  awesome_print
  bcrypt (~> 3.1.7)
  bootsnap
  bootstrap
  cancancan
  capybara
  chartkick
  csv
  debug
  dotenv-rails (~> 2.8)
  erb-formatter (~> 0.4.2)
  graphql
  http
  http-form_data
  importmap-rails
  jbuilder
  matrix
  message_bus
  mina
  msgpack
  pagy
  parslet!
  pdf-reader
  pg
  pkg-config
  puma (~> 5.0)
  rails (~> 7.0.2, >= 7.0.2.3)
  rails-erd
  react_on_rails
  redis (~> 4.0)
  rtesseract
  rubocop-rails
  ruby-lsp
  ruby-progressbar (~> 1.13)
  ruby-vips
  rumale
  rwordnet (~> 2.0)
  selenium-webdriver
  shakapacker
  sidekiq (~> 6.5)
  simple_form
  solargraph
  sprockets-rails
  standard
  stemmify (~> 0.0.2)
  turbo-rails
  tzinfo-data
  victor
  view_component (~> 2.82)
  web-console
  webdrivers
  wicked
  xlsxtream

RUBY VERSION
   ruby 3.1.2p20

BUNDLED WITH
   2.3.3
